{
    "Manufacturer": "Siemens",
    "ManufacturersModelName": "Skyra",
    "SoftwareVersions": "syngo MR D13",
    "DirectionSE": "IS",
    "DirectionPE": "AP",
    "DirectionFE": "RL",
    "FrequencyEncodingDirection": "i",
    "ReconMatrixFE": 80,
    "PhaseEncodingDirection": "j",
    "ReconMatrixPE": 80,
    "SliceEncodingDirection": "k-",
    "ReconMatrixSE": 48,
    "ReceiveCoilActiveElements": "HEA;HEP",
    "CoilCombinationMethod": "rSOS",
    "PulseSequenceType": "Multiband Gradient Echo EPI",
    "ScanningSequence": [
        "GR",
        "EP"
    ],
    "SequenceVariant": [],
    "ScanOptions": [
        "FS"
    ],
    "SequenceName": "epfid",
    "EchoTime": 0.03,
    "DwellTime": 4.800307219662058e-06,
    "FlipAngle": 60.0,
    "MultibandAccelerationFactor": 8,
    "Modality": "MR",
    "ImageType": [
        "ORIGINAL",
        "PRIMARY"
    ],
    "AcquisitionMatrixPE": 80,
    "VendorReportedEchoSpacing": 0.00055,
    "ImagingFrequency": 123.246551,
    "PixelBandwidth": 2604.0,
    "SliceThickness": 3.0,
    "SpacingBetweenSlices": 3.0,
    "EchoPulseSequence": "GRADIENT",
    "MultipleSpinEcho": false,
    "EchoPlanarPulseSequence": true,
    "GeometryOfKSpaceTraversal": "RECTILINEAR",
    "SliceGap": 0.0,
    "VendorReportedRepetitionTime": 0.47500000000000003,
    "SliceOrder": "Interleaved",
    "HasPartialFourierPE": false,
    "AcquisitionMatrixFE": 80,
    "AcquisitionMatrixSE": 48,
    "OversampledAcquisitionMatrixFE": 160,
    "OversampledAcquisitionMatrixPE": 80,
    "OversampledAcquisitionMatrixSE": 48,
    "FieldOfViewFE": 240.0,
    "FieldOfViewPE": 240.0,
    "FieldOfViewSE": 144.0,
    "BandwidthPerPixelPhaseEncode": 22.727272727272727,
    "EffectiveEchoSpacing": 0.00055,
    "TotalReadoutTime": 0.04345,
    "EchoTrainLength": 80,
    "NumberShots": 1
}