{
    "Manufacturer": "Siemens",
    "ManufacturersModelName": "Skyra",
    "SoftwareVersions": "syngo MR D13",
    "DirectionSE": "IS",
    "DirectionPE": "RL",
    "DirectionFE": "AP",
    "FrequencyEncodingDirection": "j",
    "ReconMatrixFE": 320,
    "PhaseEncodingDirection": "i",
    "ReconMatrixPE": 220,
    "SliceEncodingDirection": "k-",
    "ReconMatrixSE": 208,
    "ReceiveCoilActiveElements": "HEA;HEP",
    "CoilCombinationMethod": "rSOS",
    "PulseSequenceType": "MPRAGE",
    "ScanningSequence": [
        "GR",
        "IR"
    ],
    "SequenceVariant": [
        "MP"
    ],
    "ScanOptions": [
        "PFF"
    ],
    "SequenceName": "tfl",
    "MRAcquisitionType": "3D",
    "ParallelReductionFactorInPlane": 3,
    "ParallelReductionFactorOurOfPlane": 1,
    "ParallelAcquisitionTechnique": "GRAPPA",
    "EchoTime": 0.0028799999999999997,
    "InversionTime": 0.794,
    "DwellTime": 1.5625e-05,
    "FlipAngle": 13.0,
    "Modality": "MR",
    "ImageType": [
        "ORIGINAL",
        "PRIMARY"
    ],
    "AcquisitionMatrixPE": 220,
    "VendorReportedEchoSpacing": 0.0070999999999999995,
    "ImagingFrequency": 123.246551,
    "NumberOfAverages": 1,
    "PixelBandwidth": 200.0,
    "SliceThickness": 0.8,
    "SpacingBetweenSlices": 0.8,
    "EchoPulseSequence": "GRADIENT",
    "MultipleSpinEcho": false,
    "EchoPlanarPulseSequence": false,
    "OversamplingPhase": "NONE",
    "GeometryOfKSpaceTraversal": "RECTILINEAR",
    "RectilinearPhaseEncodeReordering": "LINEAR",
    "SliceGap": 0.0,
    "VendorReportedRepetitionTime": 2.2,
    "SliceOrder": "Interleaved",
    "HasPartialFourierFE": true,
    "HasPartialFourierPE": false,
    "HasPartialFourierSE": false,
    "AcquisitionMatrixFE": 320,
    "AcquisitionMatrixSE": 208,
    "OversampledAcquisitionMatrixFE": 640,
    "OversampledAcquisitionMatrixPE": 220,
    "OversampledAcquisitionMatrixSE": 208,
    "FieldOfViewFE": 256.0,
    "FieldOfViewPE": 176.128,
    "FieldOfViewSE": 166.4,
    "RepetitionTimePreparation": 2.2,
    "RepetitionTimeInversion": 2.2,
    "RepetitionTimeExcitation": 0.0070999999999999995
}