{
    "Manufacturer": "Siemens",
    "ManufacturersModelName": "TrioTim",
    "SoftwareVersions": "syngo MR B17",
    "DirectionSE": "IS",
    "DirectionPE": "AP",
    "DirectionFE": "LR",
    "FrequencyEncodingDirection": "i-",
    "ReconMatrixFE": 64,
    "PhaseEncodingDirection": "j",
    "ReconMatrixPE": 64,
    "SliceEncodingDirection": "k-",
    "ReconMatrixSE": 36,
    "MagneticFieldStrength": 3.0,
    "ReceiveCoilActiveElements": "HEA;HEP",
    "MatrixCoilMode": "Auto (CP)",
    "CoilCombinationMethod": "adaptive",
    "SequenceVariant": [],
    "ScanOptions": [
        "FS"
    ],
    "EchoTime": 0.024,
    "DwellTime": 7.000448028673835e-06,
    "FlipAngle": 90.0,
    "Modality": "MR",
    "ImageType": [
        "ORIGINAL",
        "PRIMARY"
    ],
    "AcquisitionMatrixPE": 64,
    "VendorReportedEchoSpacing": 0.00051,
    "NumberOfAverages": 1,
    "PixelBandwidth": 2232.0,
    "SliceThickness": 3.5,
    "SpacingBetweenSlices": 3.5,
    "GeometryOfKSpaceTraversal": "RECTILINEAR",
    "SliceGap": 0.0,
    "VendorReportedRepetitionTime": 2.0,
    "SliceOrder": "Interleaved",
    "HasPartialFourierPE": false,
    "AcquisitionMatrixFE": 64,
    "AcquisitionMatrixSE": 36,
    "OversampledAcquisitionMatrixFE": 128,
    "OversampledAcquisitionMatrixPE": 64,
    "OversampledAcquisitionMatrixSE": 36,
    "FieldOfViewFE": 224.0,
    "FieldOfViewPE": 224.0,
    "FieldOfViewSE": 126.0
}