{
    "Manufacturer": "Siemens",
    "ManufacturersModelName": "TrioTim",
    "SoftwareVersions": "syngo MR B17",
    "DirectionSE": "LR",
    "DirectionPE": "AP",
    "DirectionFE": "IS",
    "FrequencyEncodingDirection": "k-",
    "ReconMatrixFE": 192,
    "PhaseEncodingDirection": "j",
    "ReconMatrixPE": 224,
    "SliceEncodingDirection": "i-",
    "ReconMatrixSE": 256,
    "MagneticFieldStrength": 3.0,
    "ReceiveCoilActiveElements": "HEA;HEP",
    "MatrixCoilMode": "Auto (Triple)",
    "CoilCombinationMethod": "rSOS",
    "PulseSequenceType": "MPRAGE",
    "ScanningSequence": [
        "GR",
        "IR"
    ],
    "SequenceVariant": [
        "MP"
    ],
    "ScanOptions": [],
    "SequenceName": "tfl",
    "MRAcquisitionType": "3D",
    "ParallelReductionFactorInPlane": 2,
    "ParallelAcquisitionTechnique": "GRAPPA",
    "EchoTime": 0.00316,
    "InversionTime": 1.05,
    "DwellTime": 1.7755681818181817e-05,
    "FlipAngle": 8.0,
    "Modality": "MR",
    "ImageType": [
        "ORIGINAL",
        "PRIMARY"
    ],
    "AcquisitionMatrixPE": 224,
    "VendorReportedEchoSpacing": 0.0075,
    "NumberOfAverages": 1,
    "PixelBandwidth": 220.0,
    "SliceThickness": 1.0,
    "SpacingBetweenSlices": 1.0,
    "EchoPulseSequence": "GRADIENT",
    "MultipleSpinEcho": false,
    "EchoPlanarPulseSequence": false,
    "OversamplingPhase": "NONE",
    "GeometryOfKSpaceTraversal": "RECTILINEAR",
    "SliceGap": 0.0,
    "VendorReportedRepetitionTime": 2.0,
    "SliceOrder": "Ascending",
    "HasPartialFourierFE": false,
    "HasPartialFourierPE": false,
    "HasPartialFourierSE": false,
    "AcquisitionMatrixFE": 256,
    "AcquisitionMatrixSE": 192,
    "OversampledAcquisitionMatrixFE": 512,
    "OversampledAcquisitionMatrixPE": 224,
    "OversampledAcquisitionMatrixSE": 192,
    "FieldOfViewFE": 256.0,
    "FieldOfViewPE": 224.0,
    "FieldOfViewSE": 192.0,
    "RepetitionTimePreparation": 2.0,
    "RepetitionTimeInversion": 2.0,
    "RepetitionTimeExcitation": 0.0075
}