{
    "Manufacturer": "Siemens",
    "ManufacturersModelName": "TrioTim",
    "SoftwareVersions": "syngo MR B17",
    "DirectionSE": "IS",
    "DirectionPE": "AP",
    "DirectionFE": "RL",
    "FrequencyEncodingDirection": "i",
    "ReconMatrixFE": 64,
    "PhaseEncodingDirection": "j",
    "ReconMatrixPE": 64,
    "SliceEncodingDirection": "k-",
    "ReconMatrixSE": 42,
    "MagneticFieldStrength": 3.0,
    "ReceiveCoilActiveElements": "HEA;HEP",
    "MatrixCoilMode": "Auto (CP)",
    "CoilCombinationMethod": "rSOS",
    "ScanningSequence": [],
    "SequenceVariant": [],
    "ScanOptions": [
        "FS"
    ],
    "SequenceName": "cmrr_mbep2d_bold",
    "EchoTime": 0.028,
    "DwellTime": 6.000384024577573e-06,
    "FlipAngle": 60.0,
    "MultibandAccelerationFactor": 3,
    "Modality": "MR",
    "ImageType": [
        "ORIGINAL",
        "PRIMARY"
    ],
    "AcquisitionMatrixPE": 64,
    "VendorReportedEchoSpacing": 0.00049,
    "PixelBandwidth": 2604.0,
    "SliceThickness": 3.4,
    "SpacingBetweenSlices": 3.4,
    "MultipleSpinEcho": false,
    "EchoPlanarPulseSequence": false,
    "GeometryOfKSpaceTraversal": "RECTILINEAR",
    "SliceGap": 0.0,
    "VendorReportedRepetitionTime": 0.8130000000000001,
    "SliceOrder": "Interleaved",
    "HasPartialFourierPE": false,
    "AcquisitionMatrixFE": 64,
    "AcquisitionMatrixSE": 42,
    "OversampledAcquisitionMatrixFE": 128,
    "OversampledAcquisitionMatrixPE": 64,
    "OversampledAcquisitionMatrixSE": 42,
    "FieldOfViewFE": 220.0,
    "FieldOfViewPE": 220.0,
    "FieldOfViewSE": 142.79999999999998,
    "BandwidthPerPixelPhaseEncode": 31.887755102040817,
    "EffectiveEchoSpacing": 0.00049,
    "TotalReadoutTime": 0.030869999999999998,
    "EchoTrainLength": 64,
    "NumberShots": 1
}