{
    "Manufacturer": "Siemens",
    "ManufacturersModelName": "TrioTim",
    "SoftwareVersions": "syngo MR B17",
    "DirectionSE": "RL",
    "DirectionPE": "AP",
    "DirectionFE": "IS",
    "FrequencyEncodingDirection": "k-",
    "ReconMatrixFE": 320,
    "PhaseEncodingDirection": "j",
    "ReconMatrixPE": 320,
    "SliceEncodingDirection": "i",
    "ReconMatrixSE": 256,
    "MagneticFieldStrength": 3.0,
    "ReceiveCoilActiveElements": "HEA;HEP",
    "MatrixCoilMode": "Auto (Triple)",
    "CoilCombinationMethod": "adaptive",
    "PulseSequenceType": "MPRAGE",
    "ScanningSequence": [
        "GR",
        "IR"
    ],
    "SequenceVariant": [
        "MP"
    ],
    "ScanOptions": [
        "PFF",
        "PFP"
    ],
    "SequenceName": "tfl",
    "MRAcquisitionType": "3D",
    "ParallelReductionFactorInPlane": 2,
    "ParallelReductionFactorOurOfPlane": 1,
    "ParallelAcquisitionTechnique": "GRAPPA",
    "EchoTime": 0.0023,
    "InversionTime": 1.0,
    "DwellTime": 1.4880952380952381e-05,
    "FlipAngle": 8.0,
    "Modality": "MR",
    "ImageType": [
        "ORIGINAL",
        "PRIMARY"
    ],
    "AcquisitionMatrixPE": 320,
    "VendorReportedEchoSpacing": 0.007,
    "NumberOfAverages": 1,
    "PixelBandwidth": 210.0,
    "SliceThickness": 0.7,
    "SpacingBetweenSlices": 0.7,
    "EchoPulseSequence": "GRADIENT",
    "MultipleSpinEcho": false,
    "EchoPlanarPulseSequence": false,
    "OversamplingPhase": "NONE",
    "GeometryOfKSpaceTraversal": "RECTILINEAR",
    "SliceGap": 0.0,
    "VendorReportedRepetitionTime": 2.4,
    "SliceOrder": "Interleaved",
    "HasPartialFourierFE": true,
    "HasPartialFourierPE": true,
    "HasPartialFourierSE": false,
    "PartialFourierPE": 0.875,
    "AcquisitionMatrixFE": 320,
    "AcquisitionMatrixSE": 256,
    "OversampledAcquisitionMatrixFE": 640,
    "OversampledAcquisitionMatrixPE": 320,
    "OversampledAcquisitionMatrixSE": 256,
    "FieldOfViewFE": 224.0,
    "FieldOfViewPE": 224.0,
    "FieldOfViewSE": 179.2,
    "RepetitionTimePreparation": 2.4,
    "RepetitionTimeInversion": 2.4,
    "RepetitionTimeExcitation": 0.007
}