{
  "AcquisitionDuration": "15:24", 
  "AcquisitionMatrixPE": 64, 
  "EchoTime": 0.024, 
  "FieldofViewDimensions": "224x224", 
  "FieldofViewShape": "Rectangle", 
  "FlipAngle": 90, 
  "Instructions": "Participants were instructed to relax and keep their eyes open.", 
  "MagneicFieldStrength": 3.0, 
  "Manufacturer": "Siemens", 
  "ManufacturersModelName": "TriTim", 
  "NumberOfSlices": 36, 
  "NumberofMeasurements": "460", 
  "ParallelAcquisition": "No", 
  "PhaseEncodingDirection": "j-", 
  "PixelBandwidth": "2232", 
  "PixelSpacing": "3.5x3.5", 
  "PlaneOrientationSequentialuence": "Axial>Coronal-27", 
  "PulseSequenceType": "EPI", 
  "ReceiveCoilName": "32 Chan", 
  "ReceiveCoilType": "Head", 
  "RepetitionTime": 2.0, 
  "ScanOptions": "FS", 
  "SliceAcquisitionOrder": "Interleaved Ascending", 
  "SliceEncodingDirection": "k", 
  "SliceThickness": 4.0, 
  "SliceTiming": [
    1000.0, 
    0.0, 
    1055.56, 
    55.56, 
    1111.11, 
    111.11, 
    1166.67, 
    166.67, 
    1222.22, 
    222.22, 
    1277.78, 
    277.78, 
    1333.33, 
    333.33, 
    1388.89, 
    388.89, 
    1444.44, 
    444.44, 
    1500.0, 
    500.0, 
    1555.56, 
    555.56, 
    1611.11, 
    611.11, 
    1666.67, 
    666.67, 
    1722.22, 
    722.22, 
    1777.78, 
    777.78, 
    1833.33, 
    833.33, 
    1888.89, 
    888.89, 
    1944.44, 
    944.44
  ], 
  "SpacingBetweenSlices": 4.0, 
  "TaskDescription": "Resting state data were collected after structural and task-based functional scans. Stimuli were projected onto a screen viewed through a mirror attached to the head coil. During the rest scan, participants were instructed to relax and keep their eyes open.", 
  "TaskName": "rest"
}
