{
    "Manufacturer": "Siemens",
    "ManufacturersModelName": "TrioTim",
    "SoftwareVersions": "syngo MR B17",
    "DirectionSE": "IS",
    "DirectionPE": "AP",
    "DirectionFE": "RL",
    "FrequencyEncodingDirection": "i",
    "ReconMatrixFE": 64,
    "PhaseEncodingDirection": "j",
    "ReconMatrixPE": 64,
    "SliceEncodingDirection": "k-",
    "ReconMatrixSE": 34,
    "MagneticFieldStrength": 3.0,
    "ReceiveCoilActiveElements": "HEA;HEP",
    "MatrixCoilMode": "Auto (CP)",
    "CoilCombinationMethod": "rSOS",
    "PulseSequenceType": "Gradient Echo EPI",
    "ScanningSequence": [
        "GR",
        "EP"
    ],
    "SequenceVariant": [
        "PO"
    ],
    "ScanOptions": [
        "FS"
    ],
    "SequenceName": "ep2d_bold",
    "EchoTime": 0.028,
    "DwellTime": 6.398443898443899e-06,
    "FlipAngle": 90.0,
    "Modality": "MR",
    "ImageType": [
        "ORIGINAL",
        "PRIMARY"
    ],
    "AcquisitionMatrixPE": 64,
    "VendorReportedEchoSpacing": 0.00047,
    "NumberOfAverages": 1,
    "PixelBandwidth": 2442.0,
    "SliceThickness": 4.0,
    "SpacingBetweenSlices": 4.0,
    "EchoPulseSequence": "GRADIENT",
    "MultipleSpinEcho": false,
    "EchoPlanarPulseSequence": true,
    "GeometryOfKSpaceTraversal": "RECTILINEAR",
    "SliceGap": 0.0,
    "VendorReportedRepetitionTime": 3.0,
    "SliceOrder": "Interleaved",
    "HasPartialFourierPE": false,
    "AcquisitionMatrixFE": 64,
    "AcquisitionMatrixSE": 34,
    "OversampledAcquisitionMatrixFE": 128,
    "OversampledAcquisitionMatrixPE": 70,
    "OversampledAcquisitionMatrixSE": 34,
    "FieldOfViewFE": 192.0,
    "FieldOfViewPE": 192.0,
    "FieldOfViewSE": 136.0,
    "BandwidthPerPixelPhaseEncode": 30.49970720281085,
    "EffectiveEchoSpacing": 0.0005123,
    "TotalReadoutTime": 0.0322749,
    "EchoTrainLength": 64,
    "NumberShots": 1
}