{
  "AcquisitionDuration": "7:37", 
  "AcquisitionMatrixPE": 80, 
  "EchoTime": 0.03, 
  "FieldofViewDimensions": "240x240", 
  "FieldofViewShape": "Rectangle", 
  "FlipAngle": 60, 
  "Instructions": "Participants were instructed to lie still with their eyes open fixating on a central cross", 
  "MagneicFieldSrengh": 3.0, 
  "Manufacturer": "Siemens", 
  "ManufacturersModelName": "Skyra", 
  "MultibandAccelerationFactor": 8.0, 
  "Notes": "CMRR Multiband", 
  "NumberOfSlices": 48, 
  "NumberofMeasurements": "947", 
  "ParallelAcquisition": "Yes", 
  "PhaseEncodingDirection": "j", 
  "PixelBandwidth": "2604", 
  "PixelSpacing": "3x3", 
  "PlaneOrientationSequentialuence": "Axial", 
  "PulseSequentialuenceType": "EPI", 
  "ReceiveCoilName": "32 Chan", 
  "ReceiveCoilType": "Head", 
  "RepetitionTime": 0.475, 
  "ScanOptions": "FS", 
  "SliceAcquisitionOrder": "Interleaved Ascending", 
  "SliceThickness": 3.0, 
  "SliceTiming": [
    237.5, 
    0.0, 
    247.4, 
    9.9, 
    257.29, 
    19.79, 
    267.19, 
    29.69, 
    277.08, 
    39.58, 
    286.98, 
    49.48, 
    296.88, 
    59.38, 
    306.77, 
    69.27, 
    316.67, 
    79.17, 
    326.56, 
    89.06, 
    336.46, 
    98.96, 
    346.35, 
    108.85, 
    356.25, 
    118.75, 
    366.15, 
    128.65, 
    376.04, 
    138.54, 
    385.94, 
    148.44, 
    395.83, 
    158.33, 
    405.73, 
    168.23, 
    415.62, 
    178.12, 
    425.52, 
    188.02, 
    435.42, 
    197.92, 
    445.31, 
    207.81, 
    455.21, 
    217.71, 
    465.1, 
    227.6
  ], 
  "SpacingBetweenSlices": 3.0, 
  "TaskDescription": "Participants were instructed to lie still with their eyes open fixating on a central cross presented on a mirror mounted on the head coil.", 
  "TaskName": "rest"
}
