{
  "AcquisitionDuration": "6:00", 
  "AcquisitionMatrixPE": 80, 
  "EchoTime": 0.03, 
  "FieldofViewDimensions": "240x240", 
  "FieldofViewShape": "Rectangle", 
  "FlipAngle": 82, 
  "Instructions": "Participants were asked to relax with their eyes open", 
  "MagneicFieldStrength": 3.0, 
  "Manufacturer": "Siemens", 
  "ManufacturersModelName": "Allegra", 
  "NumberOfSlices": 34, 
  "NumberofMeasurements": "180", 
  "PhaseEncodingDirection": "i", 
  "PixelBandwidth": "3906", 
  "PixelSpacing": "3x3x4", 
  "PlaneOrientationSequentialuence": "Axial", 
  "PulseSequenceType": "EPI", 
  "ReceiveCoilName": "8 Chan", 
  "ReceiveCoilType": "Head", 
  "RepetitionTime": 2.0, 
  "ScanOptions": "FS", 
  "SliceAcquisitionOrder": "Interleaved Ascending", 
  "SliceEncodingDirection": "k", 
  "SliceThickness": 3.0, 
  "SliceTiming": [
    1000.0, 
    0.0, 
    1058.82, 
    58.82, 
    1117.65, 
    117.65, 
    1176.47, 
    176.47, 
    1235.29, 
    235.29, 
    1294.12, 
    294.12, 
    1352.94, 
    352.94, 
    1411.76, 
    411.76, 
    1470.59, 
    470.59, 
    1529.41, 
    529.41, 
    1588.24, 
    588.24, 
    1647.06, 
    647.06, 
    1705.88, 
    705.88, 
    1764.71, 
    764.71, 
    1823.53, 
    823.53, 
    1882.35, 
    882.35, 
    1941.18, 
    941.18
  ], 
  "SpacingBetweenSlices": 3.0, 
  "TaskDescription": "During the resting state fMRI scan, participants were asked to relax with their eyes open, while a white cross-hair against a black background was projected on a screen. However, in a few cases, participants closed their eyes despite instructions to maintain them open. Eye status during the MRI scan was monitored via an eye tracker and is provided for each participant.", 
  "TaskName": "rest"
}
