{
  "AcquisitionDuration": "16:21", 
  "AcquisitionMatrixPE": 64, 
  "EchoTime": 0.027999999999999997, 
  "FieldofViewDimensions": "220x220", 
  "FieldofViewShape": "Rectangle", 
  "FlipAngle": 60, 
  "Instructions": "Participants were asked to lie still in the scanner, with their eyes open, while staying awake.", 
  "MagneicFieldStrength": 3.0, 
  "Manufacturer": "Siemens", 
  "ManufacturersModelName": "TriTim", 
  "MultibandAccelerationFactor": 3.0, 
  "Notes": "CMRR Multiband", 
  "NumberOfSlices": 42, 
  "NumberofMeasurements": "433", 
  "ParallelAcquisition": "No", 
  "PhaseEncodingDirection": "j-", 
  "PixelBandwidth": "2604", 
  "PixelSpacing": "3.4x3.4", 
  "PlaneOrientationSequentialuence": "Axial>Coronal23", 
  "PulseSequenceType": "EPI", 
  "ReceiveCoilName": "32 Chan", 
  "ReceiveCoilType": "Head", 
  "RepetitionTime": 0.813, 
  "ScanOptions": "FS", 
  "SliceAcquisitionOrder": "Interleaved Ascending", 
  "SliceEncodingDirection": "k", 
  "SliceThickness": 3.4, 
  "SliceTiming": [
    406.5, 
    0.0, 
    425.86, 
    19.36, 
    445.21, 
    38.71, 
    464.57, 
    58.07, 
    483.93, 
    77.43, 
    503.29, 
    96.79, 
    522.64, 
    116.14, 
    542.0, 
    135.5, 
    561.36, 
    154.86, 
    580.71, 
    174.21, 
    600.07, 
    193.57, 
    619.43, 
    212.93, 
    638.79, 
    232.29, 
    658.14, 
    251.64, 
    677.5, 
    271.0, 
    696.86, 
    290.36, 
    716.21, 
    309.71, 
    735.57, 
    329.07, 
    754.93, 
    348.43, 
    774.29, 
    367.79, 
    793.64, 
    387.14
  ], 
  "SpacingBetweenSlices": 3.4, 
  "TaskDescription": "No stimuli were shown on a black screen. Participants were instructed to remain awake with eyes open and move as little as possible. Wakefulness was monitored throughout the scan using an MR compatible video camera. Resting-state scans were acquired along with other structural scans, and prior to any task-based experiments.", 
  "TaskName": "rest"
}
