{
  "AcquisitionDuration": "7:02:00", 
  "AcquisitionMatrixPE": 320, 
  "EchoTime": "0.0023", 
  "FieldofViewDimensions": "224x224", 
  "FieldofViewShape": "Rectangle", 
  "FlipAngle": 8, 
  "InversionTime": 1.0, 
  "MagneticFieldStrength": 3.0, 
  "Manufacturer": "Siemens", 
  "ManufacturersModelName": "TriTim", 
  "NumberOfSlices": 256, 
  "ParallelAcquisition": "Yes", 
  "ParallelAcquisitionTechnique": "GRAPPA", 
  "ParallelReductionFactorIn-plane": 2.0, 
  "PartialFourier": "\"7/8\"", 
  "PhaseEncodingDirection": "j-", 
  "PixelBandwidth": 210.0, 
  "ImageOrientationPatientDICOM": [
                -0,
                1,
                0,
                -0,
                -0,
                -1      ],
  "InPlanePhaseEncodingDirectionDICOM": "ROW",
  "PixelSpacing": "0.7x0.7", 
  "PlaneOrientationSequence": "Sagittal", 
  "ReceiveCoilName": "32 Chan", 
  "ReceiveCoilType": "Head", 
  "RepetitionTime": "2.4", 
  "ScanOptions": "PFP", 
  "ScanningSequence": "3D TFL", 
  "SliceAcquisitionOrder": "Interleaved Ascending", 
  "SliceEncodingDirection": "i", 
  "SliceThickness": 0.7, 
  "SpacingBetweenSlices": 1.05
}
