{
  "AcquisitionDuration": "7:06", 
  "AcquisitionMatrixPE": 80, 
  "EchoTime": 0.025, 
  "FieldofViewDimensions": "240x240", 
  "FieldofViewShape": "Rectangle", 
  "FlipAngle": 90, 
  "Instructions": "participants were reminded via the scanner intercom to remain as still as possible and fixate on a crosshair presented on the screen.", 
  "Manufacturer": "Philips", 
  "ManufacturersModelName": "Achieva", 
  "NumberOfSlices": 40, 
  "NumberofMeasurements": "210", 
  "PhaseEncodingDirection": "j-", 
  "PixelSpacing": "3x3.1", 
  "PlaneOrientationSequentialuence": "Axial", 
  "PulseSequenceType": "EPI", 
  "ReceiveCoilName": "32 Chan", 
  "ReceiveCoilType": "Head", 
  "RepetitionTime": 2.0, 
  "ScanOptions": "FS", 
  "SliceAcquisitionOrder": "Sequential Descending", 
  "SliceEncodingDirection": "k-", 
  "SliceThickness": 3.0, 
  "SliceTiming": [
    1950.0, 
    1900.0, 
    1850.0, 
    1800.0, 
    1750.0, 
    1700.0, 
    1650.0, 
    1600.0, 
    1550.0, 
    1500.0, 
    1450.0, 
    1400.0, 
    1350.0, 
    1300.0, 
    1250.0, 
    1200.0, 
    1150.0, 
    1100.0, 
    1050.0, 
    1000.0, 
    950.0, 
    900.0, 
    850.0, 
    800.0, 
    750.0, 
    700.0, 
    650.0, 
    600.0, 
    550.0, 
    500.0, 
    450.0, 
    400.0, 
    350.0, 
    300.0, 
    250.0, 
    200.0, 
    150.0, 
    100.0, 
    50.0, 
    0.0
  ], 
  "SpacingBetweenSlices": 3.0, 
  "TaskDescription": "Resting state was collected with subject's eyes open and fixated on a crosshair in the center of the screen.", 
  "TaskName": "rest"
}
