{
  "AcquisitionDuration": "5:46:00", 
  "AcquisitionMatrixPE": 256, 
  "EchoTime": "Shortest", 
  "FieldofViewDimensions": "230x230", 
  "FieldofViewShape": "Rectangle", 
  "FlipAngle": 8, 
  "InversionTime": 1.15, 
  "Manufacturer": "Philips", 
  "ManufacturersModelName": "Achieva", 
  "NumberOfSlices": 180, 
  "ParallelAcquisition": "Yes", 
  "ParallelAcquisitionTechnique": "SENSE", 
  "ParallelReductionFactorIn-plane": 2.0, 
  "ParallelReductionFactorout-of-plane": 3.0, 
  "PixelSpacing": "0.9x0.9", 
  "PixelBandwidth": 188.3,
  "ImageOrientationPatientDICOM": [
                -0,
                1,
                0,
                -0,
                -0,
                -1      ],
  "InPlanePhaseEncodingDirectionDICOM": "ROW",
  "PlaneOrientationSequence": "Axial", 
  "ReceiveCoilName": "32 Chan", 
  "ReceiveCoilType": "Head", 
  "RepetitionTime": "0.0084", 
  "ScanningSequence": "3D TFE", 
  "SliceThickness": 0.9
}
