{
    "Manufacturer": "Siemens",
    "ManufacturersModelName": "Allegra",
    "SoftwareVersions": "syngo MR A30",
    "DirectionSE": "IS",
    "DirectionPE": "AP",
    "DirectionFE": "RL",
    "FrequencyEncodingDirection": "i",
    "ReconMatrixFE": 64,
    "PhaseEncodingDirection": "j",
    "ReconMatrixPE": 64,
    "SliceEncodingDirection": "k-",
    "ReconMatrixSE": 29,
    "ReceiveCoilActiveElements": "HE",
    "PulseSequenceType": "Gradient Echo EPI",
    "ScanningSequence": [
        "GR",
        "EP"
    ],
    "SequenceVariant": [],
    "ScanOptions": [
        "FS"
    ],
    "SequenceName": "ep2d_bold",
    "EchoTime": 0.025,
    "DwellTime": 4.998400511836212e-06,
    "FlipAngle": 70.0,
    "Modality": "MR",
    "ImageType": [
        "ORIGINAL",
        "PRIMARY"
    ],
    "AcquisitionMatrixPE": 64,
    "VendorReportedEchoSpacing": 0.00037,
    "NumberOfAverages": 1,
    "PixelBandwidth": 3126.0,
    "SliceThickness": 4.0,
    "SpacingBetweenSlices": 4.0,
    "EchoPulseSequence": "GRADIENT",
    "MultipleSpinEcho": false,
    "EchoPlanarPulseSequence": true,
    "GeometryOfKSpaceTraversal": "RECTILINEAR",
    "SliceGap": 0.0,
    "VendorReportedRepetitionTime": 1.5,
    "SliceOrder": "Interleaved",
    "HasPartialFourierPE": false,
    "AcquisitionMatrixFE": 64,
    "AcquisitionMatrixSE": 29,
    "OversampledAcquisitionMatrixFE": 128,
    "OversampledAcquisitionMatrixPE": 64,
    "OversampledAcquisitionMatrixSE": 29,
    "FieldOfViewFE": 200.0,
    "FieldOfViewPE": 200.0,
    "FieldOfViewSE": 116.0,
    "BandwidthPerPixelPhaseEncode": 42.22972972972973,
    "EffectiveEchoSpacing": 0.00037,
    "TotalReadoutTime": 0.02331,
    "EchoTrainLength": 64,
    "NumberShots": 1
}