{
    "Manufacturer": "Siemens",
    "ManufacturersModelName": "Allegra",
    "SoftwareVersions": "syngo MR A30",
    "DirectionSE": "RL",
    "DirectionPE": "AP",
    "DirectionFE": "IS",
    "FrequencyEncodingDirection": "k-",
    "ReconMatrixFE": 256,
    "PhaseEncodingDirection": "j",
    "ReconMatrixPE": 256,
    "SliceEncodingDirection": "i",
    "ReconMatrixSE": 176,
    "ReceiveCoilActiveElements": "HE",
    "PulseSequenceType": "MPRAGE",
    "ScanningSequence": [
        "GR",
        "IR"
    ],
    "SequenceVariant": [
        "MP"
    ],
    "ScanOptions": [
        "PFF"
    ],
    "SequenceName": "tfl",
    "MRAcquisitionType": "3D",
    "EchoTime": 0.00393,
    "InversionTime": 1.0,
    "DwellTime": 3.0048076923076925e-05,
    "FlipAngle": 7.0,
    "Modality": "MR",
    "ImageType": [
        "ORIGINAL",
        "PRIMARY"
    ],
    "AcquisitionMatrixPE": 256,
    "VendorReportedEchoSpacing": 0.0094,
    "NumberOfAverages": 1,
    "PixelBandwidth": 130.0,
    "SliceThickness": 1.05,
    "SpacingBetweenSlices": 1.05,
    "EchoPulseSequence": "GRADIENT",
    "MultipleSpinEcho": false,
    "EchoPlanarPulseSequence": false,
    "OversamplingPhase": "NONE",
    "GeometryOfKSpaceTraversal": "RECTILINEAR",
    "SliceGap": 0.0,
    "VendorReportedRepetitionTime": 2.1,
    "SliceOrder": "Ascending",
    "HasPartialFourierFE": true,
    "HasPartialFourierPE": false,
    "HasPartialFourierSE": false,
    "AcquisitionMatrixFE": 256,
    "AcquisitionMatrixSE": 176,
    "OversampledAcquisitionMatrixFE": 512,
    "OversampledAcquisitionMatrixPE": 256,
    "OversampledAcquisitionMatrixSE": 176,
    "FieldOfViewFE": 269.0,
    "FieldOfViewPE": 269.0,
    "FieldOfViewSE": 184.8,
    "RepetitionTimePreparation": 2.1,
    "RepetitionTimeInversion": 2.1,
    "RepetitionTimeExcitation": 0.0094
}