{
  "AcquisitionDuration": "7:06", 
  "AcquisitionMatrixPE": 80, 
  "EchoTime": 0.027000000000000003, 
  "FieldofViewDimensions": "240x240", 
  "FieldofViewShape": "Rectangle", 
  "FlipAngle": 90, 
  "Instructions": " Participants were asked to look at the red-cross for the duration of the scan", 
  "MagneicFieldStrength": 3.0, 
  "Manufacturer": "Philips", 
  "ManufacturersModelName": "Achieva", 
  "NumberOfSlices": 37, 
  "NumberofMeasurements": "210", 
  "ParallelAcquisition": "Yes", 
  "ParallelAcquisitionTechnique": "SENSE", 
  "ParallelReductionFactorIn-plane": "2", 
  "PhaseEncodingDirection": "j-", 
  "PixelBandwidth": "39.5/pixel", 
  "PixelSpacing": "3x3", 
  "PlaneOrientationSequentialuence": "Axial", 
  "PulseSequenceType": "EPI", 
  "ReceiveCoilName": "8 Chan", 
  "ReceiveCoilType": "Head", 
  "RepetitionTime": 2.0, 
  "ScanOptions": "FS", 
  "SliceAcquisitionOrder": "Sequential Descending", 
  "SliceEncodingDirection": "k-", 
  "SliceThickness": 3.2, 
  "SliceTiming": [
    1945.95, 
    1891.89, 
    1837.84, 
    1783.78, 
    1729.73, 
    1675.68, 
    1621.62, 
    1567.57, 
    1513.51, 
    1459.46, 
    1405.41, 
    1351.35, 
    1297.3, 
    1243.24, 
    1189.19, 
    1135.14, 
    1081.08, 
    1027.03, 
    972.97, 
    918.92, 
    864.86, 
    810.81, 
    756.76, 
    702.7, 
    648.65, 
    594.59, 
    540.54, 
    486.49, 
    432.43, 
    378.38, 
    324.32, 
    270.27, 
    216.22, 
    162.16, 
    108.11, 
    54.05, 
    0.0
  ], 
  "SpacingBetweenSlices": 3.55, 
  "TaskDescription": "The mirror reflected a visual display (projection of a computer screen), which presented the red-cross. Participants were asked to look at the red-cross for the duration of the scan.", 
  "TaskName": "rest"
}
