{
  "AcquisitionDuration": "5:43:00", 
  "AcquisitionMatrixPE": 256, 
  "EchoTime": "0.0039", 
  "FieldofViewDimensions": "230x230", 
  "FieldofViewShape": "Rectangle", 
  "FlipAngle": 8, 
  "InversionTime": 1.15, 
  "MagneticFieldStrength": 3.0, 
  "Manufacturer": "Philips", 
  "ManufacturersModelName": "Achieva", 
  "NumberOfSlices": 190, 
  "ParallelAcquisition": "Yes", 
  "ParallelAcquisitionTechnique": "SENSE", 
  "ParallelReductionFactorIn-plane": 2.0, 
  "ParallelReductionFactorout-of-plane": 3.0, 
  "PhaseEncodingDirection": "i", 
  "PixelBandwidth": 188.3, 
  "ImageOrientationPatientDICOM": [
                -0,
                1,
                0,
                -0,
                -0,
                -1      ],
  "InPlanePhaseEncodingDirectionDICOM": "ROW",
  "PixelSpacing": "0.9x0.9", 
  "PlaneOrientationSequence": "Axial", 
  "ReceiveCoilName": "8 Chan", 
  "ReceiveCoilType": "Head", 
  "RepetitionTime": "0.0084", 
  "ScanningSequence": "MPRAGE", 
  "SliceAcquisitionOrder": "Interleaved Ascending", 
  "SliceEncodingDirection": "k", 
  "SliceThickness": 0.9, 
  "SpacingBetweenSlices": 0.99
}
