{
    "Manufacturer": "Siemens",
    "ManufacturersModelName": "TrioTim",
    "SoftwareVersions": "syngo MR B17",
    "DirectionSE": "IS",
    "DirectionPE": "AP",
    "DirectionFE": "RL",
    "FrequencyEncodingDirection": "i",
    "ReconMatrixFE": 64,
    "PhaseEncodingDirection": "j",
    "ReconMatrixPE": 64,
    "SliceEncodingDirection": "k-",
    "ReconMatrixSE": 40,
    "MagneticFieldStrength": 3.0,
    "ReceiveCoilActiveElements": "HEA;HEP",
    "MatrixCoilMode": "Auto (Triple)",
    "CoilCombinationMethod": "rSOS",
    "ScanningSequence": [],
    "SequenceVariant": [],
    "ScanOptions": [
        "FS"
    ],
    "SequenceName": "ep2d_bold_PMU",
    "ParallelReductionFactorInPlane": 2,
    "ParallelAcquisitionTechnique": "GRAPPA",
    "EchoTime": 0.028,
    "DwellTime": 5.399101589495508e-06,
    "FlipAngle": 90.0,
    "Modality": "MR",
    "ImageType": [
        "ORIGINAL",
        "PRIMARY"
    ],
    "AcquisitionMatrixPE": 64,
    "VendorReportedEchoSpacing": 0.00043,
    "NumberOfAverages": 1,
    "PixelBandwidth": 2894.0,
    "SliceThickness": 3.0,
    "SpacingBetweenSlices": 3.3000000000000003,
    "MultipleSpinEcho": false,
    "EchoPlanarPulseSequence": false,
    "GeometryOfKSpaceTraversal": "RECTILINEAR",
    "SliceGap": 0.3,
    "VendorReportedRepetitionTime": 2.0,
    "SliceOrder": "Interleaved",
    "HasPartialFourierPE": false,
    "AcquisitionMatrixFE": 64,
    "AcquisitionMatrixSE": 40,
    "OversampledAcquisitionMatrixFE": 128,
    "OversampledAcquisitionMatrixPE": 64,
    "OversampledAcquisitionMatrixSE": 40,
    "FieldOfViewFE": 220.0,
    "FieldOfViewPE": 220.0,
    "FieldOfViewSE": 132.0,
    "BandwidthPerPixelPhaseEncode": 72.67441860465117,
    "EffectiveEchoSpacing": 0.000215,
    "TotalReadoutTime": 0.013545,
    "EchoTrainLength": 64,
    "NumberShots": 1
}