{
    "Manufacturer": "Siemens",
    "ManufacturersModelName": "TrioTim",
    "SoftwareVersions": "syngo MR B17",
    "DirectionSE": "RL",
    "DirectionPE": "AP",
    "DirectionFE": "IS",
    "FrequencyEncodingDirection": "k-",
    "ReconMatrixFE": 512,
    "PhaseEncodingDirection": "j",
    "ReconMatrixPE": 480,
    "SliceEncodingDirection": "i",
    "ReconMatrixSE": 160,
    "MagneticFieldStrength": 3.0,
    "ReceiveCoilActiveElements": "HEA;HEP",
    "MatrixCoilMode": "Auto (CP)",
    "CoilCombinationMethod": "rSOS",
    "PulseSequenceType": "MPRAGE",
    "ScanningSequence": [
        "GR",
        "IR"
    ],
    "SequenceVariant": [
        "MP"
    ],
    "ScanOptions": [],
    "SequenceName": "tfl",
    "MRAcquisitionType": "3D",
    "EchoTime": 0.0029100000000000003,
    "InversionTime": 0.9,
    "DwellTime": 1.6276041666666666e-05,
    "FlipAngle": 9.0,
    "Modality": "MR",
    "ImageType": [
        "ORIGINAL",
        "PRIMARY"
    ],
    "AcquisitionMatrixPE": 240,
    "VendorReportedEchoSpacing": 0.0068,
    "NumberOfAverages": 1,
    "PixelBandwidth": 240.0,
    "SliceThickness": 1.2,
    "SpacingBetweenSlices": 1.2,
    "EchoPulseSequence": "GRADIENT",
    "MultipleSpinEcho": false,
    "EchoPlanarPulseSequence": false,
    "OversamplingPhase": "NONE",
    "GeometryOfKSpaceTraversal": "RECTILINEAR",
    "SliceGap": 0.0,
    "VendorReportedRepetitionTime": 2.3000000000000003,
    "SliceOrder": "Interleaved",
    "HasPartialFourierFE": false,
    "HasPartialFourierPE": false,
    "HasPartialFourierSE": false,
    "AcquisitionMatrixFE": 256,
    "AcquisitionMatrixSE": 160,
    "OversampledAcquisitionMatrixFE": 512,
    "OversampledAcquisitionMatrixPE": 240,
    "OversampledAcquisitionMatrixSE": 160,
    "FieldOfViewFE": 256.0,
    "FieldOfViewPE": 240.128,
    "FieldOfViewSE": 192.0,
    "RepetitionTimePreparation": 2.3000000000000003,
    "RepetitionTimeInversion": 2.3000000000000003,
    "RepetitionTimeExcitation": 0.0068
}