{
    "Manufacturer": "Siemens",
    "ManufacturersModelName": "TrioTim",
    "SoftwareVersions": "syngo MR B17",
    "DirectionSE": "RL",
    "DirectionPE": "AP",
    "DirectionFE": "IS",
    "FrequencyEncodingDirection": "k-",
    "ReconMatrixFE": 256,
    "PhaseEncodingDirection": "j",
    "ReconMatrixPE": 256,
    "SliceEncodingDirection": "i",
    "ReconMatrixSE": 176,
    "MagneticFieldStrength": 3.0,
    "ReceiveCoilActiveElements": "PH",
    "MatrixCoilMode": "Dual",
    "CoilCombinationMethod": "adaptive",
    "PulseSequenceType": "MPRAGE",
    "ScanningSequence": [
        "GR",
        "IR"
    ],
    "SequenceVariant": [
        "MP"
    ],
    "ScanOptions": [],
    "SequenceName": "tfl",
    "MRAcquisitionType": "3D",
    "ParallelReductionFactorInPlane": 2,
    "ParallelAcquisitionTechnique": "GRAPPA",
    "EchoTime": 0.0035,
    "InversionTime": 1.1,
    "DwellTime": 2.055921052631579e-05,
    "FlipAngle": 7.0,
    "Modality": "MR",
    "ImageType": [
        "ORIGINAL",
        "PRIMARY"
    ],
    "AcquisitionMatrixPE": 256,
    "VendorReportedEchoSpacing": 0.008199999999999999,
    "NumberOfAverages": 1,
    "PixelBandwidth": 190.0,
    "SliceThickness": 1.0,
    "SpacingBetweenSlices": 1.0,
    "EchoPulseSequence": "GRADIENT",
    "MultipleSpinEcho": false,
    "EchoPlanarPulseSequence": false,
    "OversamplingPhase": "NONE",
    "GeometryOfKSpaceTraversal": "RECTILINEAR",
    "SliceGap": 0.0,
    "VendorReportedRepetitionTime": 2.5300000000000002,
    "SliceOrder": "Ascending",
    "HasPartialFourierFE": false,
    "HasPartialFourierPE": false,
    "HasPartialFourierSE": false,
    "AcquisitionMatrixFE": 256,
    "AcquisitionMatrixSE": 176,
    "OversampledAcquisitionMatrixFE": 512,
    "OversampledAcquisitionMatrixPE": 256,
    "OversampledAcquisitionMatrixSE": 176,
    "FieldOfViewFE": 256.0,
    "FieldOfViewPE": 256.0,
    "FieldOfViewSE": 176.0,
    "RepetitionTimePreparation": 2.5300000000000002,
    "RepetitionTimeInversion": 2.5300000000000002,
    "RepetitionTimeExcitation": 0.008199999999999999
}