{
    "Manufacturer": "Siemens",
    "ManufacturersModelName": "Allegra",
    "SoftwareVersions": "syngo MR 2004A",
    "DirectionSE": "IS",
    "DirectionPE": "RL",
    "DirectionFE": "AP",
    "FrequencyEncodingDirection": "j",
    "ReconMatrixFE": 80,
    "PhaseEncodingDirection": "i",
    "ReconMatrixPE": 64,
    "SliceEncodingDirection": "k-",
    "ReconMatrixSE": 34,
    "ReceiveCoilActiveElements": "TR",
    "ScanningSequence": [],
    "SequenceVariant": [],
    "ScanOptions": [
        "FS"
    ],
    "SequenceName": "cbi_seg_epi_gre",
    "MRAcquisitionType": "2D",
    "EchoTime": 0.03,
    "DwellTime": 3.200204813108039e-06,
    "FlipAngle": 82.0,
    "Modality": "MR",
    "ImageType": [
        "ORIGINAL",
        "PRIMARY"
    ],
    "AcquisitionMatrixPE": 64,
    "VendorReportedEchoSpacing": 0.00032,
    "NumberOfAverages": 1,
    "PixelBandwidth": 3906.0,
    "SliceThickness": 3.0,
    "SpacingBetweenSlices": 3.0,
    "MultipleSpinEcho": false,
    "EchoPlanarPulseSequence": false,
    "GeometryOfKSpaceTraversal": "RECTILINEAR",
    "SliceGap": 0.0,
    "VendorReportedRepetitionTime": 2.0,
    "SliceOrder": "Interleaved",
    "HasPartialFourierPE": false,
    "AcquisitionMatrixFE": 80,
    "AcquisitionMatrixSE": 34,
    "OversampledAcquisitionMatrixFE": 160,
    "OversampledAcquisitionMatrixPE": 64,
    "OversampledAcquisitionMatrixSE": 34,
    "FieldOfViewFE": 240.0,
    "FieldOfViewPE": 192.0,
    "FieldOfViewSE": 102.0,
    "BandwidthPerPixelPhaseEncode": 48.82812499999999,
    "EffectiveEchoSpacing": 0.00032,
    "TotalReadoutTime": 0.02016,
    "EchoTrainLength": 64,
    "NumberShots": 1
}