{
    "Manufacturer": "Siemens",
    "ManufacturersModelName": "Allegra",
    "SoftwareVersions": "syngo MR 2004A",
    "DirectionSE": "IS",
    "DirectionPE": "RL",
    "DirectionFE": "AP",
    "FrequencyEncodingDirection": "j",
    "ReconMatrixFE": 64,
    "PhaseEncodingDirection": "i",
    "ReconMatrixPE": 64,
    "SliceEncodingDirection": "k-",
    "ReconMatrixSE": 50,
    "ReceiveCoilActiveElements": "TR",
    "ScanningSequence": [],
    "SequenceVariant": [],
    "ScanOptions": [
        "FS"
    ],
    "SequenceName": "cbi_ep2d_diff_1_4",
    "EchoTime": 0.078,
    "DwellTime": 4.200268817204301e-06,
    "Modality": "MR",
    "ImageType": [
        "ORIGINAL",
        "PRIMARY"
    ],
    "AcquisitionMatrixPE": 64,
    "VendorReportedEchoSpacing": 0.00032,
    "NumberOfAverages": 1,
    "PixelBandwidth": 3720.0,
    "SliceThickness": 3.0,
    "SpacingBetweenSlices": 3.0,
    "MultipleSpinEcho": false,
    "EchoPlanarPulseSequence": false,
    "GeometryOfKSpaceTraversal": "RECTILINEAR",
    "SliceGap": 0.0,
    "VendorReportedRepetitionTime": 5.2,
    "SliceOrder": "Interleaved",
    "HasPartialFourierPE": false,
    "AcquisitionMatrixFE": 64,
    "AcquisitionMatrixSE": 50,
    "OversampledAcquisitionMatrixFE": 128,
    "OversampledAcquisitionMatrixPE": 64,
    "OversampledAcquisitionMatrixSE": 50,
    "FieldOfViewFE": 192.0,
    "FieldOfViewPE": 192.0,
    "FieldOfViewSE": 150.0,
    "BandwidthPerPixelPhaseEncode": 48.82812499999999,
    "EffectiveEchoSpacing": 0.00032,
    "TotalReadoutTime": 0.02016,
    "EchoTrainLength": 64,
    "NumberShots": 1
}