{
    "Manufacturer": "Siemens",
    "ManufacturersModelName": "Allegra",
    "SoftwareVersions": "syngo MR 2004A",
    "DirectionSE": "RL",
    "DirectionPE": "AP",
    "DirectionFE": "IS",
    "FrequencyEncodingDirection": "k-",
    "ReconMatrixFE": 256,
    "PhaseEncodingDirection": "j",
    "ReconMatrixPE": 256,
    "SliceEncodingDirection": "i",
    "ReconMatrixSE": 128,
    "ReceiveCoilActiveElements": "HE",
    "PulseSequenceType": "MPRAGE",
    "ScanningSequence": [
        "GR",
        "IR"
    ],
    "SequenceVariant": [
        "MP"
    ],
    "ScanOptions": [],
    "SequenceName": "tfl",
    "MRAcquisitionType": "3D",
    "EchoTime": 0.0032500000000000003,
    "InversionTime": 1.1,
    "DwellTime": 1.953125e-05,
    "FlipAngle": 7.0,
    "Modality": "MR",
    "ImageType": [
        "ORIGINAL",
        "PRIMARY"
    ],
    "AcquisitionMatrixPE": 192,
    "VendorReportedEchoSpacing": 0.0074,
    "NumberOfAverages": 1,
    "PixelBandwidth": 200.0,
    "SliceThickness": 1.33,
    "SpacingBetweenSlices": 1.33,
    "EchoPulseSequence": "GRADIENT",
    "MultipleSpinEcho": false,
    "EchoPlanarPulseSequence": false,
    "OversamplingPhase": "NONE",
    "GeometryOfKSpaceTraversal": "RECTILINEAR",
    "SliceGap": 0.0,
    "VendorReportedRepetitionTime": 2.5300000000000002,
    "SliceOrder": "Ascending",
    "HasPartialFourierFE": false,
    "HasPartialFourierPE": false,
    "HasPartialFourierSE": false,
    "AcquisitionMatrixFE": 256,
    "AcquisitionMatrixSE": 128,
    "OversampledAcquisitionMatrixFE": 512,
    "OversampledAcquisitionMatrixPE": 192,
    "OversampledAcquisitionMatrixSE": 128,
    "FieldOfViewFE": 256.0,
    "FieldOfViewPE": 256.0,
    "FieldOfViewSE": 170.24,
    "RepetitionTimePreparation": 2.5300000000000002,
    "RepetitionTimeInversion": 2.5300000000000002,
    "RepetitionTimeExcitation": 0.0074
}